GEM
  remote: http://rubygems.org/
  specs:
    haml (3.1.6)
    nokogiri (1.5.5)
    rack (1.5.1)
    rack-protection (1.3.2)
      rack
    rake (10.0.3)
    redcarpet (2.2.2)
    sass (3.2.1)
    shotgun (0.9)
      rack (>= 1.0)
    sinatra (1.3.4)
      rack (~> 1.4)
      rack-protection (~> 1.3)
      tilt (~> 1.3, >= 1.3.3)
    tilt (1.3.3)

PLATFORMS
  ruby

DEPENDENCIES
  haml
  nokogiri
  rake
  redcarpet
  sass
  shotgun
  sinatra
